GEM
  remote: https://rubygems.org/
  specs:
    sass (3.3.0.rc.1)

PLATFORMS
  ruby

DEPENDENCIES
  sass
